GEM
  remote: https://rubygems.org/
  specs:
    rjb (1.4.9)

PLATFORMS
  ruby

DEPENDENCIES
  rjb
